STORAGE: NONE
RESTRICTION: || (== net6.0) (== netstandard2.0) (== netstandard2.1)
NUGET
  remote: https://api.nuget.org/v3/index.json
    FSharp.Core (6.0.7)
  remote: https://baget.stdunit.com/v3/index.json
    Itminus.FSharpExtensions (0.0.14)
      FSharp.Core (>= 4.7 < 7.0)
